PATH
  remote: .
  specs:
    artoo-sphero (1.3.0)
      artoo (>= 1.6.0)
      sphero (>= 1.5.0)

GEM
  remote: http://rubygems.org/
  specs:
    artoo (1.6.0)
      celluloid (~> 0.15.0)
      celluloid-io (~> 0.15.0)
      multi_json (~> 1.6)
      pry (~> 0.9)
      rake
      reel (~> 0.4.0)
      robeaux (~> 0.0.3)
      thor (~> 0.18.1)
    celluloid (0.15.2)
      timers (~> 1.1.0)
    celluloid-io (0.15.0)
      celluloid (>= 0.15.0)
      nio4r (>= 0.5.0)
    coderay (1.1.0)
    http (0.5.0)
      http_parser.rb
    http_parser.rb (0.6.0)
    metaclass (0.0.1)
    method_source (0.8.2)
    minitest (5.0.6)
    minitest-happy (1.0.0)
    mocha (0.14.0)
      metaclass (~> 0.0.1)
    multi_json (1.8.4)
    nio4r (1.0.0)
    pry (0.9.12.6)
      coderay (~> 1.0)
      method_source (~> 0.8)
      slop (~> 3.4)
    rake (10.1.1)
    reel (0.4.0)
      celluloid (>= 0.15.1)
      celluloid-io (>= 0.15.0)
      http (>= 0.5.0)
      http_parser.rb (>= 0.6.0.beta.2)
      websocket_parser (>= 0.1.4)
    robeaux (0.0.3)
    slop (3.4.7)
    sphero (1.5.0)
    thor (0.18.1)
    timers (1.1.0)
    websocket_parser (0.1.6)

PLATFORMS
  ruby

DEPENDENCIES
  artoo-sphero!
  minitest (>= 5.0)
  minitest-happy
  mocha (>= 0.14.0)
