PATH
  remote: .
  specs:
    artoo-sphero (1.0.0.pre)
      artoo (~> 1.0.0.pre)
      hybridgroup-sphero (~> 1.3.0)

GEM
  remote: http://rubygems.org/
  specs:
    artoo (1.0.0.rc1)
      celluloid (~> 0.14.1)
      celluloid-io (~> 0.14.1)
      multi_json (~> 1.6)
      pry (~> 0.9)
      rake (~> 10.0)
      reel (~> 0.4.0.pre)
    celluloid (0.14.1)
      timers (>= 1.0.0)
    celluloid-io (0.14.1)
      celluloid (>= 0.14.1)
      nio4r (>= 0.4.5)
    certified (0.1.1)
    coderay (1.0.9)
    http (0.4.0)
      certified
      http_parser.rb
    http_parser.rb (0.5.3)
    hybridgroup-sphero (1.3.0)
    metaclass (0.0.1)
    method_source (0.8.1)
    minitest (5.0.6)
    minitest-happy (1.0.0)
    mocha (0.14.0)
      metaclass (~> 0.0.1)
    multi_json (1.7.7)
    nio4r (0.4.6)
    pry (0.9.12.2)
      coderay (~> 1.0.5)
      method_source (~> 0.8)
      slop (~> 3.4)
    rack (1.5.2)
    rake (10.1.0)
    reel (0.4.0.pre)
      celluloid-io (>= 0.8.0)
      http (>= 0.2.0)
      http_parser.rb (>= 0.5.3)
      rack (>= 1.4.0)
      websocket_parser (>= 0.1.2)
    slop (3.4.5)
    timers (1.1.0)
    websocket_parser (0.1.4)
      http

PLATFORMS
  ruby

DEPENDENCIES
  artoo-sphero!
  minitest (~> 5.0)
  minitest-happy
  mocha (~> 0.14.0)
