GIT
  remote: git://github.com/hybridgroup/sphero
  revision: b3d865364162c4f697a0a8ee89e453d2b7aec2ca
  branch: dev
  specs:
    sphero (1.5)
      rubyserial

PATH
  remote: .
  specs:
    artoo-sphero (1.3.0)
      artoo (>= 1.6.0)
      sphero (>= 1.5.0)

GEM
  remote: http://rubygems.org/
  specs:
    artoo (1.6.7)
      celluloid (~> 0.15.0)
      celluloid-io (~> 0.15.0)
      http (~> 0.5.0)
      multi_json (~> 1.6.0)
      pry (~> 0.9.0)
      rake
      reel (~> 0.4.0)
      robeaux (~> 0.0.4)
      thor (~> 0.18.1)
    celluloid (0.15.2)
      timers (~> 1.1.0)
    celluloid-io (0.15.0)
      celluloid (>= 0.15.0)
      nio4r (>= 0.5.0)
    coderay (1.1.0)
    ffi (1.9.3)
    ffi (1.9.3-java)
    http (0.5.1)
      http_parser.rb
    http_parser.rb (0.6.0)
    http_parser.rb (0.6.0-java)
    metaclass (0.0.4)
    method_source (0.8.2)
    minitest (5.3.5)
    minitest-happy (1.0.0)
    mocha (1.1.0)
      metaclass (~> 0.0.1)
    multi_json (1.6.1)
    nio4r (1.0.0)
    nio4r (1.0.0-java)
    pry (0.9.12.6)
      coderay (~> 1.0)
      method_source (~> 0.8)
      slop (~> 3.4)
    pry (0.9.12.6-java)
      coderay (~> 1.0)
      method_source (~> 0.8)
      slop (~> 3.4)
      spoon (~> 0.0)
    rake (10.3.2)
    reel (0.4.0)
      celluloid (>= 0.15.1)
      celluloid-io (>= 0.15.0)
      http (>= 0.5.0)
      http_parser.rb (>= 0.6.0.beta.2)
      websocket_parser (>= 0.1.4)
    robeaux (0.0.4)
    rubyserial (0.0.1)
      ffi (~> 1.9.3)
    slop (3.5.0)
    spoon (0.0.4)
      ffi
    thor (0.18.1)
    timers (1.1.0)
    websocket_parser (0.1.6)

PLATFORMS
  java
  ruby

DEPENDENCIES
  artoo-sphero!
  minitest (>= 5.0)
  minitest-happy
  mocha (>= 0.14.0)
  sphero!
